GEM
  remote: http://rubygems.org/
  specs:
    activemodel (3.2.12)
      activesupport (= 3.2.12)
      builder (~> 3.0.0)
    activerecord (3.2.12)
      activemodel (= 3.2.12)
      activesupport (= 3.2.12)
      arel (~> 3.0.2)
      tzinfo (~> 0.3.29)
    activesupport (3.2.12)
      i18n (~> 0.6)
      multi_json (~> 1.0)
    arel (3.0.2)
    bond (0.4.3)
    builder (3.0.4)
    capistrano (2.14.2)
      highline
      net-scp (>= 1.0.0)
      net-sftp (>= 2.0.0)
      net-ssh (>= 2.0.14)
      net-ssh-gateway (>= 1.1.0)
    highline (1.6.15)
    i18n (0.6.4)
    kgio (2.8.0)
    multi_json (1.6.1)
    net-scp (1.1.0)
      net-ssh (>= 2.6.5)
    net-sftp (2.1.1)
      net-ssh (>= 2.6.5)
    net-ssh (2.6.6)
    net-ssh-gateway (1.2.0)
      net-ssh (>= 2.6.5)
    rack (1.5.2)
    rack-protection (1.4.0)
      rack
    rack-test (0.6.2)
      rack (>= 1.0)
    raindrops (0.10.0)
    rake (10.0.3)
    ripl (0.7.0)
      bond (~> 0.4.2)
    ripl-multi_line (0.3.0)
      ripl (>= 0.3.6)
    ripl-rack (0.2.0)
      rack (>= 1.0)
      rack-test (>= 0.5)
      ripl (>= 0.3.5)
    shotgun (0.9)
      rack (>= 1.0)
    sinatra (1.3.5)
      rack (~> 1.4)
      rack-protection (~> 1.3)
      tilt (~> 1.3, >= 1.3.3)
    sinatra-activerecord (1.2.2)
      activerecord (~> 3.0)
      sinatra (~> 1.0)
    sqlite3 (1.3.7)
    tilt (1.3.4)
    tux (0.3.0)
      ripl (>= 0.3.5)
      ripl-multi_line (>= 0.2.4)
      ripl-rack (>= 0.2.0)
      sinatra (>= 1.2.1)
    tzinfo (0.3.36)
    unicorn (4.6.2)
      kgio (~> 2.6)
      rack
      raindrops (~> 0.7)

PLATFORMS
  ruby

DEPENDENCIES
  capistrano
  rake
  shotgun
  sinatra
  sinatra-activerecord
  sqlite3
  tux
  unicorn
